GIT
  remote: https://github.com/swarley/discordrb
  revision: 5a7da27e5439fe8eb3191024a4ca04800f8549c6
  branch: voice_websocket_update
  specs:
    discordrb (3.3.0)
      discordrb-webhooks (~> 3.3.0)
      ffi (>= 1.9.24)
      opus-ruby
      rest-client (>= 2.0.0)
      websocket-client-simple (>= 0.3.0)
    discordrb-webhooks (3.3.0)
      rest-client (>= 2.1.0.rc1)

GEM
  remote: https://rubygems.org/
  specs:
    climate_control (0.2.0)
    cocaine (0.6.0)
      terrapin (= 0.6.0)
    colorize (0.8.1)
    domain_name (0.5.20190701)
      unf (>= 0.0.5, < 1.0.0)
    dotenv (2.7.1)
    espeak-ruby (1.0.4)
    event_emitter (0.2.6)
    ffi (1.12.1)
    http-accept (1.7.0)
    http-cookie (1.0.3)
      domain_name (~> 0.5)
    mediainfo (1.2.2)
    mime-types (3.3.1)
      mime-types-data (~> 3.2015)
    mime-types-data (3.2019.1009)
    mini_magick (4.9.3)
    netrc (0.11.0)
    opus-ruby (1.0.1)
      ffi
    rest-client (2.1.0)
      http-accept (>= 1.7.0, < 2.0)
      http-cookie (>= 1.0.2, < 2.0)
      mime-types (>= 1.16, < 4.0)
      netrc (~> 0.8)
    ruby-progressbar (1.10.0)
    terrapin (0.6.0)
      climate_control (>= 0.0.3, < 1.0)
    unf (0.1.4)
      unf_ext
    unf_ext (0.0.7.6)
    usagewatch (0.0.7)
    websocket (1.2.8)
    websocket-client-simple (0.3.0)
      event_emitter
      websocket
    youtube-dl.rb (0.3.1.2016.09.11.1)
      cocaine (>= 0.5.4)

PLATFORMS
  ruby

DEPENDENCIES
  colorize (~> 0.8.1)
  discordrb!
  dotenv
  espeak-ruby (~> 1.0, >= 1.0.4)
  mediainfo (~> 1.1, >= 1.1.2)
  mini_magick (~> 4.9, >= 4.9.2)
  ruby-progressbar
  usagewatch (~> 0.0.7)
  youtube-dl.rb

BUNDLED WITH
   2.1.4
